GIT
  remote: https://github.com/CDLUC3/stash-harvester
  revision: 9e2e9162aea8018937b7fff6c375d8792aa10fe6
  specs:
    stash-harvester (0.0.1)
      activerecord (~> 4.2, >= 4.2.3)
      config-factory (~> 0.0, >= 0.0.8)
      datacite-mapping (~> 0.1, >= 0.1.12)
      factory_girl (~> 4.0)
      oai (~> 0.3, >= 0.3.1)
      resync-client (~> 0.4, >= 0.4.5)
      rsolr (~> 1.1)
      sqlite3 (~> 1.3, >= 1.3.10)
      standalone_migrations (~> 4.0, >= 4.0.2)
      stash-wrapper (~> 0.1, >= 0.1.5)

GIT
  remote: https://github.com/CDLUC3/stash_datacite
  revision: c175ee7f75e4f7f9c0035c5d3c177a6b1a1ef619
  specs:
    stash_datacite (0.0.1)
      rails (~> 4.2.4)

GIT
  remote: https://github.com/CDLUC3/stash_engine
  revision: d33794aa74187700f3e74a7285deb64d882094f1
  specs:
    stash_engine (0.0.1)
      rails (~> 4.2.4)

GEM
  remote: https://rubygems.org/
  specs:
    actionmailer (4.2.6)
      actionpack (= 4.2.6)
      actionview (= 4.2.6)
      activejob (= 4.2.6)
      mail (~> 2.5, >= 2.5.4)
      rails-dom-testing (~> 1.0, >= 1.0.5)
    actionpack (4.2.6)
      actionview (= 4.2.6)
      activesupport (= 4.2.6)
      rack (~> 1.6)
      rack-test (~> 0.6.2)
      rails-dom-testing (~> 1.0, >= 1.0.5)
      rails-html-sanitizer (~> 1.0, >= 1.0.2)
    actionview (4.2.6)
      activesupport (= 4.2.6)
      builder (~> 3.1)
      erubis (~> 2.7.0)
      rails-dom-testing (~> 1.0, >= 1.0.5)
      rails-html-sanitizer (~> 1.0, >= 1.0.2)
    activejob (4.2.6)
      activesupport (= 4.2.6)
      globalid (>= 0.3.0)
    activemodel (4.2.6)
      activesupport (= 4.2.6)
      builder (~> 3.1)
    activerecord (4.2.6)
      activemodel (= 4.2.6)
      activesupport (= 4.2.6)
      arel (~> 6.0)
    activesupport (4.2.6)
      i18n (~> 0.7)
      json (~> 1.7, >= 1.7.7)
      minitest (~> 5.1)
      thread_safe (~> 0.3, >= 0.3.4)
      tzinfo (~> 1.1)
    arel (6.0.3)
    builder (3.2.2)
    concurrent-ruby (1.0.2)
    config-factory (0.0.8)
    datacite-mapping (0.1.15)
      typesafe_enum (~> 0.1, >= 0.1.7)
      xml-mapping_extensions (~> 0.4, >= 0.4.1)
    erubis (2.7.0)
    factory_girl (4.7.0)
      activesupport (>= 3.0.0)
    faraday (0.9.2)
      multipart-post (>= 1.2, < 3)
    faraday_middleware (0.10.0)
      faraday (>= 0.7.4, < 0.10)
    globalid (0.3.6)
      activesupport (>= 4.1.0)
    i18n (0.7.0)
    json (1.8.3)
    loofah (2.0.3)
      nokogiri (>= 1.5.9)
    mail (2.6.4)
      mime-types (>= 1.16, < 4)
    mime-types (2.99.2)
    mini_portile2 (2.0.0)
    minitest (5.9.0)
    multipart-post (2.0.0)
    nokogiri (1.6.7.2)
      mini_portile2 (~> 2.0.0.rc2)
    oai (0.4.0)
      builder (>= 3.1.0)
      faraday
      faraday_middleware
    promise (0.3.1)
    rack (1.6.4)
    rack-test (0.6.3)
      rack (>= 1.0)
    rails (4.2.6)
      actionmailer (= 4.2.6)
      actionpack (= 4.2.6)
      actionview (= 4.2.6)
      activejob (= 4.2.6)
      activemodel (= 4.2.6)
      activerecord (= 4.2.6)
      activesupport (= 4.2.6)
      bundler (>= 1.3.0, < 2.0)
      railties (= 4.2.6)
      sprockets-rails
    rails-deprecated_sanitizer (1.0.3)
      activesupport (>= 4.2.0.alpha)
    rails-dom-testing (1.0.7)
      activesupport (>= 4.2.0.beta, < 5.0)
      nokogiri (~> 1.6.0)
      rails-deprecated_sanitizer (>= 1.0.1)
    rails-html-sanitizer (1.0.3)
      loofah (~> 2.0)
    railties (4.2.6)
      actionpack (= 4.2.6)
      activesupport (= 4.2.6)
      rake (>= 0.8.7)
      thor (>= 0.18.1, < 2.0)
    rake (10.5.0)
    resync (0.4.4)
      mime-types (~> 2.5)
      typesafe_enum (~> 0.1, >= 0.1.5)
      xml-mapping (~> 0.10)
      xml-mapping_extensions (~> 0.3, >= 0.3.5)
    resync-client (0.4.5)
      promise (~> 0.3, >= 0.3.1)
      resync (~> 0.4, >= 0.4.4)
      rubyzip (~> 1.1)
    rsolr (1.1.1)
      builder (>= 2.1.2)
    rubyzip (1.2.0)
    sprockets (3.6.3)
      concurrent-ruby (~> 1.0)
      rack (> 1, < 3)
    sprockets-rails (3.1.1)
      actionpack (>= 4.0)
      activesupport (>= 4.0)
      sprockets (>= 3.0.0)
    sqlite3 (1.3.11)
    standalone_migrations (4.0.2)
      activerecord (~> 4.2.0)
      railties (~> 4.2.0)
      rake (~> 10.0)
    stash-wrapper (0.1.9)
      typesafe_enum (~> 0.1, >= 0.1.7)
      xml-mapping_extensions (~> 0.4, >= 0.4.1)
    thor (0.19.1)
    thread_safe (0.3.5)
    typesafe_enum (0.1.7)
    tzinfo (1.2.2)
      thread_safe (~> 0.1)
    xml-mapping (0.10.0)
    xml-mapping_extensions (0.4.2)
      mime-types (~> 2.5)
      typesafe_enum (~> 0.1, >= 0.1.5)
      xml-mapping (~> 0.10)

PLATFORMS
  ruby

DEPENDENCIES
  nokogiri (= 1.6.7.2)
  stash-harvester!
  stash_datacite!
  stash_engine!

BUNDLED WITH
   1.11.2
