GIT
  remote: https://github.com/CDLUC3/stash_ezid_datacite.git
  revision: 875a85f7419e1304d981f4a44d43f8f0177e65e8
  specs:
    stash_ezid_datacite (0.1.4)
      ezid-client

PATH
  remote: ../stash-harvester
  specs:
    stash-harvester (0.0.1)
      activerecord (~> 4.2, >= 4.2.3)
      config-factory (~> 0.0, >= 0.0.8)
      datacite-mapping (~> 0.1, >= 0.1.12)
      factory_girl (~> 4.0)
      oai (~> 0.3, >= 0.3.1)
      resync-client (~> 0.4, >= 0.4.5)
      rsolr (~> 1.1)
      sqlite3 (~> 1.3, >= 1.3.10)
      standalone_migrations (~> 4.0, >= 4.0.2)
      stash-wrapper (~> 0.1, >= 0.1.5)

PATH
  remote: ../stash_engines/stash_datacite
  specs:
    stash_datacite (0.0.5)
      datacite-mapping (~> 0.1, >= 0.1.17.1)
      kaminari
      leaflet-rails
      rails (~> 4.2.4)
      responders (~> 2.0)
      rubyzip
      stash-wrapper (~> 0.1, >= 0.1.11.1)

PATH
  remote: ../stash_engines/stash_engine
  specs:
    stash_engine (0.0.17)
      amoeba (~> 3.0.0)
      carrierwave (~> 0.10.0)
      concurrent-ruby (~> 1.0)
      filesize (~> 0.1.1)
      jquery-fileupload-rails (~> 0.4.6)
      jquery-rails
      jquery-turbolinks
      jquery-ui-rails
      kaminari
      omniauth (~> 1.2.2)
      omniauth-google-oauth2 (~> 0.2.9)
      omniauth-orcid (~> 1.0.21)
      omniauth-shibboleth (~> 1.2.1)
      rails (~> 4.2.4)
      redcarpet (~> 3.3)
      stash-sword (~> 0.1, >= 0.1.2)

GEM
  remote: https://rubygems.org/
  specs:
    actionmailer (4.2.7.1)
      actionpack (= 4.2.7.1)
      actionview (= 4.2.7.1)
      activejob (= 4.2.7.1)
      mail (~> 2.5, >= 2.5.4)
      rails-dom-testing (~> 1.0, >= 1.0.5)
    actionpack (4.2.7.1)
      actionview (= 4.2.7.1)
      activesupport (= 4.2.7.1)
      rack (~> 1.6)
      rack-test (~> 0.6.2)
      rails-dom-testing (~> 1.0, >= 1.0.5)
      rails-html-sanitizer (~> 1.0, >= 1.0.2)
    actionview (4.2.7.1)
      activesupport (= 4.2.7.1)
      builder (~> 3.1)
      erubis (~> 2.7.0)
      rails-dom-testing (~> 1.0, >= 1.0.5)
      rails-html-sanitizer (~> 1.0, >= 1.0.2)
    activejob (4.2.7.1)
      activesupport (= 4.2.7.1)
      globalid (>= 0.3.0)
    activemodel (4.2.7.1)
      activesupport (= 4.2.7.1)
      builder (~> 3.1)
    activerecord (4.2.7.1)
      activemodel (= 4.2.7.1)
      activesupport (= 4.2.7.1)
      arel (~> 6.0)
    activesupport (4.2.7.1)
      i18n (~> 0.7)
      json (~> 1.7, >= 1.7.7)
      minitest (~> 5.1)
      thread_safe (~> 0.3, >= 0.3.4)
      tzinfo (~> 1.1)
    addressable (2.4.0)
    amoeba (3.0.0)
      activerecord (>= 3.2.6)
    arel (6.0.3)
    ast (2.3.0)
    builder (3.2.2)
    carrierwave (0.10.0)
      activemodel (>= 3.2.0)
      activesupport (>= 3.2.0)
      json (>= 1.7)
      mime-types (>= 1.16)
    colorize (0.8.1)
    concurrent-ruby (1.0.2)
    config-factory (0.0.9)
    crack (0.4.3)
      safe_yaml (~> 1.0.0)
    database_cleaner (1.5.3)
    datacite-mapping (0.1.17.2)
      typesafe_enum (~> 0.1, >= 0.1.7)
      xml-mapping_extensions (~> 0.4, >= 0.4.5)
    diff-lcs (1.2.5)
    docile (1.1.5)
    domain_name (0.5.20160615)
      unf (>= 0.0.5, < 1.0.0)
    equivalent-xml (0.6.0)
      nokogiri (>= 1.4.3)
    erubis (2.7.0)
    ezid-client (1.5.0)
      hashie (~> 3.4, >= 3.4.3)
    factory_girl (4.7.0)
      activesupport (>= 3.0.0)
    faraday (0.9.2)
      multipart-post (>= 1.2, < 3)
    faraday_middleware (0.10.0)
      faraday (>= 0.7.4, < 0.10)
    filesize (0.1.1)
    globalid (0.3.7)
      activesupport (>= 4.1.0)
    hashdiff (0.3.0)
    hashie (3.4.4)
    hirb (0.7.3)
    http-cookie (1.0.2)
      domain_name (~> 0.5)
    i18n (0.7.0)
    jquery-fileupload-rails (0.4.7)
      actionpack (>= 3.1)
      railties (>= 3.1)
      sass (>= 3.2)
    jquery-rails (4.2.1)
      rails-dom-testing (>= 1, < 3)
      railties (>= 4.2.0)
      thor (>= 0.14, < 2.0)
    jquery-turbolinks (2.1.0)
      railties (>= 3.1.0)
      turbolinks
    jquery-ui-rails (5.0.5)
      railties (>= 3.2.16)
    json (1.8.3)
    jwt (1.5.4)
    kaminari (0.17.0)
      actionpack (>= 3.0.0)
      activesupport (>= 3.0.0)
    leaflet-rails (0.7.7)
    loofah (2.0.3)
      nokogiri (>= 1.5.9)
    mail (2.6.4)
      mime-types (>= 1.16, < 4)
    mime-types (2.99.2)
    mini_portile2 (2.0.0)
    minitest (5.9.0)
    multi_json (1.12.1)
    multi_xml (0.5.5)
    multipart-post (2.0.0)
    mysql2 (0.4.4)
    netrc (0.11.0)
    nokogiri (1.6.7.2)
      mini_portile2 (~> 2.0.0.rc2)
    oai (0.4.0)
      builder (>= 3.1.0)
      faraday
      faraday_middleware
    oauth2 (1.2.0)
      faraday (>= 0.8, < 0.10)
      jwt (~> 1.0)
      multi_json (~> 1.3)
      multi_xml (~> 0.5)
      rack (>= 1.2, < 3)
    omniauth (1.2.2)
      hashie (>= 1.2, < 4)
      rack (~> 1.0)
    omniauth-google-oauth2 (0.2.10)
      addressable (~> 2.3)
      jwt (~> 1.0)
      multi_json (~> 1.3)
      omniauth (>= 1.1.1)
      omniauth-oauth2 (~> 1.3.1)
    omniauth-oauth2 (1.3.1)
      oauth2 (~> 1.0)
      omniauth (~> 1.2)
    omniauth-orcid (1.0.38)
      omniauth-oauth2 (~> 1.3.1)
    omniauth-shibboleth (1.2.1)
      omniauth (>= 1.0.0)
    parser (2.3.1.2)
      ast (~> 2.2)
    powerpack (0.1.1)
    promise (0.3.1)
    rack (1.6.4)
    rack-test (0.6.3)
      rack (>= 1.0)
    rails (4.2.7.1)
      actionmailer (= 4.2.7.1)
      actionpack (= 4.2.7.1)
      actionview (= 4.2.7.1)
      activejob (= 4.2.7.1)
      activemodel (= 4.2.7.1)
      activerecord (= 4.2.7.1)
      activesupport (= 4.2.7.1)
      bundler (>= 1.3.0, < 2.0)
      railties (= 4.2.7.1)
      sprockets-rails
    rails-deprecated_sanitizer (1.0.3)
      activesupport (>= 4.2.0.alpha)
    rails-dom-testing (1.0.7)
      activesupport (>= 4.2.0.beta, < 5.0)
      nokogiri (~> 1.6.0)
      rails-deprecated_sanitizer (>= 1.0.1)
    rails-html-sanitizer (1.0.3)
      loofah (~> 2.0)
    railties (4.2.7.1)
      actionpack (= 4.2.7.1)
      activesupport (= 4.2.7.1)
      rake (>= 0.8.7)
      thor (>= 0.18.1, < 2.0)
    rainbow (2.1.0)
    rake (10.5.0)
    redcarpet (3.3.4)
    responders (2.3.0)
      railties (>= 4.2.0, < 5.1)
    rest-client (2.0.0)
      http-cookie (>= 1.0.2, < 2.0)
      mime-types (>= 1.16, < 4.0)
      netrc (~> 0.8)
    resync (0.4.4)
      mime-types (~> 2.5)
      typesafe_enum (~> 0.1, >= 0.1.5)
      xml-mapping (~> 0.10)
      xml-mapping_extensions (~> 0.3, >= 0.3.5)
    resync-client (0.4.5)
      promise (~> 0.3, >= 0.3.1)
      resync (~> 0.4, >= 0.4.4)
      rubyzip (~> 1.1)
    rsolr (1.1.2)
      builder (>= 2.1.2)
    rspec (3.5.0)
      rspec-core (~> 3.5.0)
      rspec-expectations (~> 3.5.0)
      rspec-mocks (~> 3.5.0)
    rspec-core (3.5.2)
      rspec-support (~> 3.5.0)
    rspec-expectations (3.5.0)
      diff-lcs (>= 1.2.0, < 2.0)
      rspec-support (~> 3.5.0)
    rspec-mocks (3.5.0)
      diff-lcs (>= 1.2.0, < 2.0)
      rspec-support (~> 3.5.0)
    rspec-support (3.5.0)
    rubocop (0.42.0)
      parser (>= 2.3.1.1, < 3.0)
      powerpack (~> 0.1)
      rainbow (>= 1.99.1, < 3.0)
      ruby-progressbar (~> 1.7)
      unicode-display_width (~> 1.0, >= 1.0.1)
    ruby-progressbar (1.8.1)
    rubyzip (1.2.0)
    safe_yaml (1.0.4)
    sass (3.4.22)
    simple-rss (1.3.1)
    simplecov (0.9.2)
      docile (~> 1.1.0)
      multi_json (~> 1.0)
      simplecov-html (~> 0.9.0)
    simplecov-console (0.2.0)
      colorize
      hirb
      simplecov
    simplecov-html (0.9.0)
    sprockets (3.7.0)
      concurrent-ruby (~> 1.0)
      rack (> 1, < 3)
    sprockets-rails (3.1.1)
      actionpack (>= 4.0)
      activesupport (>= 4.0)
      sprockets (>= 3.0.0)
    sqlite3 (1.3.11)
    standalone_migrations (4.0.5)
      activerecord (~> 4.2.5, >= 4.2.5.1)
      railties (~> 4.2.5, >= 4.2.5.1)
      rake (~> 10.0)
    stash-sword (0.1.3)
      rest-client (~> 2.0, = 2.0.0)
      typesafe_enum (~> 0.1, >= 0.1.7)
      xml-mapping_extensions (~> 0.4, >= 0.4.1)
    stash-wrapper (0.1.11.1)
      typesafe_enum (~> 0.1, >= 0.1.7)
      xml-mapping_extensions (~> 0.4, >= 0.4.2)
    thor (0.19.1)
    thread_safe (0.3.5)
    turbolinks (5.0.1)
      turbolinks-source (~> 5)
    turbolinks-source (5.0.0)
    typesafe_enum (0.1.7)
    tzinfo (1.2.2)
      thread_safe (~> 0.1)
    unf (0.1.4)
      unf_ext
    unf_ext (0.0.7.2)
    unicode-display_width (1.1.0)
    webmock (1.24.6)
      addressable (>= 2.3.6)
      crack (>= 0.3.2)
      hashdiff
    xml-mapping (0.10.0)
    xml-mapping_extensions (0.4.6)
      mime-types (~> 2.5)
      typesafe_enum (~> 0.1, >= 0.1.5)
      xml-mapping (~> 0.10)

PLATFORMS
  ruby

DEPENDENCIES
  config-factory (~> 0.0, >= 0.0.9)
  database_cleaner (~> 1.5)
  datacite-mapping (~> 0.1, >= 0.1.17.2)
  equivalent-xml (~> 0.6.0)
  mysql2 (~> 0.3)
  nokogiri (= 1.6.7.2)
  rest-client (= 2.0.0)
  rspec (~> 3.2)
  rubocop (~> 0.37)
  simple-rss (~> 1.3)
  simplecov (~> 0.9.2)
  simplecov-console (~> 0.2.0)
  stash-harvester!
  stash-sword (~> 0.1, >= 0.1.3)
  stash-wrapper (~> 0.1, >= 0.1.11.1)
  stash_datacite!
  stash_engine!
  stash_ezid_datacite!
  webmock (~> 1.24)
  xml-mapping_extensions (~> 0.4, >= 0.4.6)

BUNDLED WITH
   1.11.2
